GEM
  specs:
    activemodel (3.0.1)
      activesupport (= 3.0.1)
      builder (~> 2.1.2)
      i18n (~> 0.4.1)
    activerecord (3.0.1)
      activemodel (= 3.0.1)
      activesupport (= 3.0.1)
      arel (~> 1.0.0)
      tzinfo (~> 0.3.23)
    activesupport (3.0.1)
    arel (1.0.1)
      activesupport (~> 3.0.0)
    builder (2.1.2)
    diff-lcs (1.1.2)
    factory_girl (1.3.2)
    git (1.2.5)
    google-search (1.0.2)
      json
    i18n (0.4.1)
    jeweler (1.5.1)
      bundler (~> 1.0.0)
      git (>= 1.2.5)
      rake
    json (1.4.6)
    mechanize (1.0.0)
      nokogiri (>= 1.2.1)
    nokogiri (1.4.3.1)
    paperclip (2.3.5)
      activerecord
      activesupport
    rake (0.8.7)
    rspec (2.1.0)
      rspec-core (~> 2.1.0)
      rspec-expectations (~> 2.1.0)
      rspec-mocks (~> 2.1.0)
    rspec-core (2.1.0)
    rspec-expectations (2.1.0)
      diff-lcs (~> 1.1.2)
    rspec-mocks (2.1.0)
    tzinfo (0.3.23)

PLATFORMS
  ruby

DEPENDENCIES
  bundler (~> 1.0.0)
  factory_girl (= 1.3.2)
  google-search (>= 1.0.2)
  jeweler (~> 1.5.1)
  mechanize (>= 1.0.0)
  paperclip (>= 2.3.5)
  rspec (~> 2.1.0)
